PATH
  remote: .
  specs:
    barista (0.5.1)
      open4

GEM
  remote: http://rubygems.org/
  specs:
    gemcutter (0.6.1)
    git (1.2.5)
    jeweler (1.4.0)
      gemcutter (>= 0.1.0)
      git (>= 1.2.5)
      rubyforge (>= 2.0.0)
    json_pure (1.4.6)
    open4 (1.0.1)
    rubyforge (2.0.4)
      json_pure (>= 1.1.7)

PLATFORMS
  ruby

DEPENDENCIES
  barista!
  jeweler
  open4
